GEM
  remote: http://rubygems.org/
  specs:
    addressable (2.2.6)
    childprocess (0.2.0)
      ffi (~> 1.0.6)
    coffee-script (2.2.0)
      coffee-script-source
      execjs
    coffee-script-source (1.1.1)
    diff-lcs (1.1.2)
    em-websocket (0.3.0)
      addressable (>= 2.1.1)
      eventmachine (>= 0.12.9)
    eventmachine (0.12.10)
    execjs (1.2.0)
      multi_json (~> 1.0)
    ffi (1.0.9)
    guard (0.5.1)
      thor (~> 0.14.6)
    guard-coffeescript (0.3.2)
      coffee-script (>= 2.2.0)
      guard (>= 0.4)
    guard-livereload (0.2.0)
      em-websocket (>= 0.2.0)
      guard (>= 0.4.0)
      json (>= 1.5.1)
    jasmine (1.0.2.1)
      json_pure (>= 1.4.3)
      rack (>= 1.1)
      rspec (>= 1.3.1)
      selenium-webdriver (>= 0.1.3)
    json (1.5.3)
    json_pure (1.5.3)
    multi_json (1.0.3)
    rack (1.3.2)
    rake (0.9.2)
    rspec (2.6.0)
      rspec-core (~> 2.6.0)
      rspec-expectations (~> 2.6.0)
      rspec-mocks (~> 2.6.0)
    rspec-core (2.6.4)
    rspec-expectations (2.6.0)
      diff-lcs (~> 1.1.2)
    rspec-mocks (2.6.0)
    rubyzip (0.9.4)
    selenium-webdriver (2.2.0)
      childprocess (>= 0.1.9)
      ffi (>= 1.0.7)
      json_pure
      rubyzip
    thor (0.14.6)

PLATFORMS
  ruby

DEPENDENCIES
  guard
  guard-coffeescript
  guard-livereload
  jasmine
  rake
